NUGET
  remote: https://nuget.org/api/v2
  specs:
    FAKE (3.27.6)
    FSharp.Data (2.2.0)
      Zlib.Portable (>= 1.10.0) - framework: portable-net40+sl50+wp80+win80
    Zlib.Portable (1.10.0)
